GIT
  remote: https://github.com/cloudfoundry/buildpack-packager
  revision: d32016f56ddf89e433fecfc76e4a664058f52c32
  tag: v2.3.1
  specs:
    buildpack-packager (2.3.1)
      activesupport (~> 4.1.8)
      kwalify
      terminal-table (~> 1.4.5)

GEM
  remote: https://rubygems.org/
  specs:
    activesupport (4.1.16)
      i18n (~> 0.6, >= 0.6.9)
      json (~> 1.7, >= 1.7.7)
      minitest (~> 5.1)
      thread_safe (~> 0.1)
      tzinfo (~> 1.1)
    i18n (0.7.0)
    json (1.8.3)
    kwalify (0.7.2)
    minitest (5.9.0)
    terminal-table (1.4.5)
    thread_safe (0.3.5)
    tzinfo (1.2.2)
      thread_safe (~> 0.1)

PLATFORMS
  ruby

DEPENDENCIES
  buildpack-packager!

RUBY VERSION
   ruby 2.3.1p112

BUNDLED WITH
   1.12.5
